PATH
  remote: .
  specs:
    guard-db (0.0.1)

GEM
  remote: http://rubygems.org/
  specs:

PLATFORMS
  ruby

DEPENDENCIES
  guard-db!
