PATH
  remote: .
  specs:
    guard-db (0.0.2)

GEM
  remote: http://rubygems.org/
  specs:
    guard (0.8.0)
      thor (~> 0.14.6)
    thor (0.14.6)

PLATFORMS
  ruby

DEPENDENCIES
  guard
  guard-db!
